GIT
  remote: https://github.com/emberjs/ember-dev.git
  revision: 534ffdfc4b3468edb3951e9e2012cead25b36997
  branch: master
  specs:
    ember-dev (0.1)
      aws-sdk
      colored
      execjs
      grit
      kicker
      rack
      rake-pipeline (~> 0.8.0)
      rake-pipeline-web-filters (~> 0.7.0)
      uglifier

GIT
  remote: https://github.com/livingsocial/rake-pipeline.git
  revision: 65b1e744defa208e313703d89f3453447cc103b2
  specs:
    rake-pipeline (0.8.0)
      json
      rake (~> 10.0.0)
      thor

PATH
  remote: .
  specs:
    ember-bootstrap-source (0.0.4)
      ember-source

GEM
  remote: http://rubygems.org/
  specs:
    adsf (1.1.1)
      rack (>= 1.0.0)
    aws-sdk (1.11.1)
      json (~> 1.4)
      nokogiri (>= 1.4.4)
      uuidtools (~> 2.1)
    coderay (1.1.0)
    colored (1.2)
    cri (2.4.0)
      colored (>= 1.2)
    diff-lcs (1.2.4)
    ember-source (1.0.0)
      handlebars-source (= 1.0.12)
    execjs (2.0.1)
    ffi (1.9.0)
    fssm (0.2.10)
    grit (2.5.0)
      diff-lcs (~> 1.1)
      mime-types (~> 1.15)
      posix-spawn (~> 0.3.6)
    handlebars-source (1.0.12)
    json (1.8.0)
    kicker (2.6.1)
      listen
    kramdown (0.14.2)
    listen (1.3.0)
      rb-fsevent (>= 0.9.3)
      rb-inotify (>= 0.9)
      rb-kqueue (>= 0.2)
    mime-types (1.25)
    mini_portile (0.5.1)
    multi_json (1.7.9)
    nanoc (3.5.0)
      cri (~> 2.2)
    nokogiri (1.6.0)
      mini_portile (~> 0.5.0)
    posix-spawn (0.3.6)
    rack (1.5.2)
    rake (10.0.4)
    rake-pipeline-web-filters (0.7.0)
      rack
      rake-pipeline (~> 0.6)
    rb-fsevent (0.9.3)
    rb-inotify (0.9.1)
      ffi (>= 0.5.0)
    rb-kqueue (0.2.0)
      ffi (>= 0.5.0)
    thor (0.18.1)
    uglifier (2.2.1)
      execjs (>= 0.3.0)
      multi_json (~> 1.0, >= 1.0.2)
    uuidtools (2.1.4)
    w3c_validators (1.2)
      json
      nokogiri

PLATFORMS
  ruby

DEPENDENCIES
  adsf
  coderay
  ember-bootstrap-source!
  ember-dev!
  ember-source (= 1.0.0)
  fssm
  kramdown (~> 0.14.2)
  mime-types
  nanoc (~> 3.5.0)
  nokogiri
  rake
  rake-pipeline!
  w3c_validators
